PATH
  remote: .
  specs:
    xcpretty-warning-counter (1.0.0)
      json (~> 1.8)
      xcpretty (~> 0.2, >= 0.0.7)

GEM
  remote: https://rubygems.org/
  specs:
    code-tools (5.0.0)
      methadone (~> 1.9)
      nokogiri (~> 1.6)
      tzinfo (~> 1.2)
    json (1.8.3)
    methadone (1.9.2)
      bundler
    mini_portile2 (2.0.0)
    nokogiri (1.6.7.2)
      mini_portile2 (~> 2.0.0.rc2)
    rake (11.0.1)
    rouge (1.10.1)
    thread_safe (0.3.5)
    tzinfo (1.2.2)
      thread_safe (~> 0.1)
    xcpretty (0.2.2)
      rouge (~> 1.8)

PLATFORMS
  ruby

DEPENDENCIES
  bundler (~> 1.3)
  code-tools (~> 5.0)
  rake
  xcpretty-warning-counter!

BUNDLED WITH
   1.10.6
